GEM
  remote: http://rubygems.org/
  specs:
    alexa_rubykit (1.1.0)
      bundler (~> 1.7)
      rake (~> 10.0)
    builder (3.2.2)
    dotenv (2.0.2)
    ffaker (2.1.0)
    hashie (3.4.2)
    httparty (0.13.5)
      json (~> 1.8)
      multi_xml (>= 0.5.2)
    json (1.8.3)
    jwt (1.5.1)
    multi_json (1.11.2)
    multi_xml (0.5.5)
    rack (1.6.4)
    rack-protection (1.5.3)
      rack
    rake (10.4.2)
    sinatra (1.4.6)
      rack (~> 1.4)
      rack-protection (~> 1.4)
      tilt (>= 1.3, < 3)
    tilt (2.0.1)
    twilio-ruby (4.2.1)
      builder (>= 2.1.2)
      jwt (~> 1.0)
      multi_json (>= 1.3.0)

PLATFORMS
  ruby

DEPENDENCIES
  alexa_rubykit
  dotenv
  ffaker
  hashie
  httparty
  sinatra
  twilio-ruby
